GEM
  remote: https://rubygems.org/
  specs:
    fileutils (0.7)
      rmagick (>= 2.13.1)
    json (1.8.2)
    rmagick (2.13.4)

PLATFORMS
  ruby

DEPENDENCIES
  fileutils
  json
